GEM
  remote: https://rubygems.org/
  specs:
    coderay (1.1.0)
    diff-lcs (1.2.5)
    highline (1.6.21)
    method_source (0.8.2)
    net-ssh (2.9.1)
    pry (0.9.12.6)
      coderay (~> 1.0)
      method_source (~> 0.8)
      slop (~> 3.4)
    rspec (2.14.1)
      rspec-core (~> 2.14.0)
      rspec-expectations (~> 2.14.0)
      rspec-mocks (~> 2.14.0)
    rspec-core (2.14.8)
    rspec-expectations (2.14.5)
      diff-lcs (>= 1.1.3, < 2.0)
    rspec-mocks (2.14.6)
    serverspec (1.7.0)
      highline
      net-ssh
      rspec (~> 2.13)
      specinfra (~> 1.13)
    slop (3.5.0)
    specinfra (1.14.0)

PLATFORMS
  ruby

DEPENDENCIES
  pry
  serverspec
